PATH
  remote: .
  specs:
    rock (0.0.0)

GEM
  remote: https://rubygems.org/
  specs:
    diff-lcs (1.1.3)
    hashr (0.0.21)
    rake (0.9.2.2)
    rspec (2.11.0)
      rspec-core (~> 2.11.0)
      rspec-expectations (~> 2.11.0)
      rspec-mocks (~> 2.11.0)
    rspec-core (2.11.1)
    rspec-expectations (2.11.2)
      diff-lcs (~> 1.1.3)
    rspec-mocks (2.11.2)
    travis-lint (1.4.0)
      hashr (>= 0.0.19)

PLATFORMS
  ruby

DEPENDENCIES
  rake
  rock!
  rspec
  travis-lint
